GIT
  remote: git://github.com/meh/lissio.git
  revision: e8a141e1b421a34aeb4b082eec29114a9cf3da4b
  specs:
    lissio (0.1.0)
      opal (>= 0.4.1)
      opal-browser
      opal-sprockets
      rack

GIT
  remote: git://github.com/opal/opal-browser.git
  revision: a1baca0a737ebb32b427b6e4c32b3746051d361e
  specs:
    opal-browser (0.1.0)
      opal (>= 0.4.3)

GIT
  remote: git://github.com/opal/opal.git
  revision: 505176f18df7c40d0259d89815e7ead495b3f486
  specs:
    opal (0.6.0)
      source_map
      sprockets

GEM
  remote: http://rubygems.org/
  specs:
    hike (1.2.3)
    json (1.8.1)
    multi_json (1.8.2)
    opal-sprockets (0.0.1)
      sprockets
    rack (1.5.2)
    source_map (3.0.1)
      json
    sprockets (2.10.1)
      hike (~> 1.2)
      multi_json (~> 1.0)
      rack (~> 1.0)
      tilt (~> 1.1, != 1.3.0)
    tilt (1.4.1)

PLATFORMS
  ruby

DEPENDENCIES
  lissio!
  opal!
  opal-browser!
