GIT
  remote: git://github.com/meh/lissio.git
  revision: 643d8b36017659b03c15afb271840f516323c779
  specs:
    lissio (0.1.0)
      opal (>= 0.4.1)
      opal-browser
      opal-sprockets
      rack

GIT
  remote: git://github.com/opal/opal-browser.git
  revision: 28ead6c9b7ee8869667e3601ae7e43cdbe59b968
  specs:
    opal-browser (0.1.0)
      opal (>= 0.4.3)

GIT
  remote: git://github.com/opal/opal.git
  revision: 69873e0374b04e1aa45aa2d5f2459dbc5b239d4f
  specs:
    opal (0.5.0)
      source_map

GEM
  remote: http://rubygems.org/
  specs:
    hike (1.2.3)
    json (1.8.1)
    multi_json (1.8.2)
    opal-sprockets (0.3.0)
      opal (~> 0.5.0)
      sprockets
    rack (1.5.2)
    source_map (3.0.1)
      json
    sprockets (2.10.0)
      hike (~> 1.2)
      multi_json (~> 1.0)
      rack (~> 1.0)
      tilt (~> 1.1, != 1.3.0)
    tilt (1.4.1)

PLATFORMS
  ruby

DEPENDENCIES
  lissio!
  opal!
  opal-browser!
